GEM
  remote: https://rubygems.org/
  specs:
    builder (3.2.2)
    ci_reporter (1.8.4)
      builder (>= 2.1.2)
    diff-lcs (1.2.5)
    mini_portile (0.5.2)
    nokogiri (1.6.1)
      mini_portile (~> 0.5.0)
    rake (10.3.2)
    rspec (2.14.1)
      rspec-core (~> 2.14.0)
      rspec-expectations (~> 2.14.0)
      rspec-mocks (~> 2.14.0)
    rspec-core (2.14.7)
    rspec-expectations (2.14.4)
      diff-lcs (>= 1.1.3, < 2.0)
    rspec-mocks (2.14.4)

PLATFORMS
  ruby

DEPENDENCIES
  ci_reporter (~> 1.8)
  nokogiri
  rake
  rspec (~> 2)
