GEM
  remote: https://rubygems.org/
  specs:
    builder (3.2.2)
    ci_reporter (1.8.4)
      builder (>= 2.1.2)
    diff-lcs (1.2.5)
    mini_portile (0.5.2)
    nokogiri (1.6.1)
      mini_portile (~> 0.5.0)
    rake (10.3.2)
    rspec (3.0.0)
      rspec-core (~> 3.0.0)
      rspec-expectations (~> 3.0.0)
      rspec-mocks (~> 3.0.0)
    rspec-core (3.0.3)
      rspec-support (~> 3.0.0)
    rspec-expectations (3.0.3)
      diff-lcs (>= 1.2.0, < 2.0)
      rspec-support (~> 3.0.0)
    rspec-mocks (3.0.3)
      rspec-support (~> 3.0.0)
    rspec-support (3.0.3)

PLATFORMS
  ruby

DEPENDENCIES
  ci_reporter (~> 1.8)
  nokogiri
  rake
  rspec
